GEM
  remote: http://rubygems.org/
  specs:
    diff-lcs (1.1.2)
    fakefs (0.3.1)
    mocha (0.9.12)
    rspec (2.5.0)
      rspec-core (~> 2.5.0)
      rspec-expectations (~> 2.5.0)
      rspec-mocks (~> 2.5.0)
    rspec-core (2.5.1)
    rspec-expectations (2.5.0)
      diff-lcs (~> 1.1.2)
    rspec-mocks (2.5.0)

PLATFORMS
  ruby

DEPENDENCIES
  fakefs
  mocha
  rspec
